GEM
  remote: https://rubygems.org/
  specs:
    CFPropertyList (2.2.8)
    diff-lcs (1.2.5)
    facter (2.2.0)
      CFPropertyList (~> 2.2.6)
    facter (2.2.0-x64-mingw32)
      ffi (~> 1.9.3)
      win32-dir (~> 0.4.8)
      win32-security (~> 0.2.5)
    ffi (1.9.3-x64-mingw32)
    hiera (1.3.4)
      json_pure
    json_pure (1.8.1)
    metaclass (0.0.4)
    mime-types (2.3)
    mini_portile (0.6.0)
    minitar (0.5.4)
    mocha (1.1.0)
      metaclass (~> 0.0.1)
    netrc (0.7.7)
    nokogiri (1.6.3.1)
      mini_portile (= 0.6.0)
    nokogiri (1.6.3.1-x64-mingw32)
      mini_portile (= 0.6.0)
    puppet (3.7.1)
      facter (> 1.6, < 3)
      hiera (~> 1.0)
      json_pure
    puppet (3.7.1-x64-mingw32)
      facter (> 1.6, < 3)
      ffi (= 1.9.3)
      hiera (~> 1.0)
      json_pure
      minitar (~> 0.5.4)
      win32-dir (~> 0.4.9)
      win32-eventlog (~> 0.6.1)
      win32-process (~> 0.7.4)
      win32-security (~> 0.2.5)
      win32-service (~> 0.8.4)
    puppet-blacksmith (2.3.1)
      nokogiri
      puppet (>= 2.7.16)
      rest-client
    puppet-lint (1.0.1)
    puppet-syntax (1.3.0)
      rake
    puppetlabs_spec_helper (0.8.1)
      mocha
      puppet-lint
      puppet-syntax
      rake
      rspec
      rspec-puppet
    rake (10.3.2)
    rest-client (1.7.2)
      mime-types (>= 1.16, < 3.0)
      netrc (~> 0.7)
    rest-client (1.7.2-x64-mingw32)
      ffi (~> 1.9)
      mime-types (>= 1.16, < 3.0)
      netrc (~> 0.7)
    rspec (3.1.0)
      rspec-core (~> 3.1.0)
      rspec-expectations (~> 3.1.0)
      rspec-mocks (~> 3.1.0)
    rspec-core (3.1.3)
      rspec-support (~> 3.1.0)
    rspec-expectations (3.1.1)
      diff-lcs (>= 1.2.0, < 2.0)
      rspec-support (~> 3.1.0)
    rspec-mocks (3.1.0)
      rspec-support (~> 3.1.0)
    rspec-puppet (1.0.1)
      rspec
    rspec-support (3.1.0)
    win32-dir (0.4.9)
      ffi (>= 1.0.0)
    win32-eventlog (0.6.1)
      ffi
    win32-process (0.7.4)
      ffi (>= 1.0.0)
    win32-security (0.2.5)
      ffi
    win32-service (0.8.6)
      ffi

PLATFORMS
  ruby
  x64-mingw32

DEPENDENCIES
  puppet (>= 2.7)
  puppet-blacksmith
  puppet-lint
  puppetlabs_spec_helper
  rake (>= 0.9.2.2)
  rspec-puppet
